PATH
  remote: .
  specs:
    pvector (0.1.0)
      llamafile
      pstore
      rackup
      rwordnet
      sinatra

GEM
  remote: https://rubygems.org/
  specs:
    base64 (0.2.0)
    llamafile (0.1.1)
    mustermann (3.0.0)
      ruby2_keywords (~> 0.0.1)
    pstore (0.1.3)
    rack (3.0.9)
    rack-protection (4.0.0)
      base64 (>= 0.1.0)
      rack (>= 3.0.0, < 4)
    rack-session (2.0.0)
      rack (>= 3.0.0)
    rackup (2.1.0)
      rack (>= 3)
      webrick (~> 1.8)
    rake (13.1.0)
    ruby2_keywords (0.0.5)
    rwordnet (2.0.0)
    sinatra (4.0.0)
      mustermann (~> 3.0)
      rack (>= 3.0.0, < 4)
      rack-protection (= 4.0.0)
      rack-session (>= 2.0.0, < 3)
      tilt (~> 2.0)
    tilt (2.3.0)
    webrick (1.8.1)

PLATFORMS
  ruby
  x86_64-linux

DEPENDENCIES
  pvector!
  rake (~> 13.0)

BUNDLED WITH
   2.5.4
